PATH
  remote: .
  specs:
    docx-html (0.1.0)
      docx (~> 0.1.0)
      html_writer (~> 0.1.0)

GEM
  remote: https://rubygems.org/
  specs:
    docx (0.1.0)
      nokogiri (~> 1.5)
      rubyzip (~> 0.9)
    html_writer (0.1.0)
    nokogiri (1.5.2)
    rubyzip (0.9.7)

PLATFORMS
  ruby

DEPENDENCIES
  docx-html!
