GEM
  remote: https://rubygems.org/
  specs:
    docx (0.1.0)
      nokogiri (~> 1.5)
      rubyzip (~> 0.9)
    nokogiri (1.5.2)
    rubyzip (0.9.7)

PLATFORMS
  ruby

DEPENDENCIES
  docx
